PATH
  remote: .
  specs:
    ehyo (0.0.1)
      commander (~> 4.4.4)

GEM
  remote: https://rubygems.org/
  specs:
    commander (4.4.4)
      highline (~> 1.7.2)
    highline (1.7.10)
    minitest (5.11.3)
    rake (10.5.0)

PLATFORMS
  ruby

DEPENDENCIES
  bundler (~> 1.16)
  ehyo!
  minitest (~> 5.0)
  rake (~> 10.0)

BUNDLED WITH
   1.16.1
